GEM
  specs:
    concurrent-ruby (1.1.9)
    mime-types (3.4.1)
      mime-types-data (~> 3.2015)
    mime-types-data (3.2022.0105)
    playwright-ruby-client (1.17.0)
      concurrent-ruby (>= 1.1.6)
      mime-types (>= 3.0)

PLATFORMS
  x86_64-linux

DEPENDENCIES
  playwright-ruby-client

BUNDLED WITH
   2.2.29
